PATH
  remote: .
  specs:
    omniauth-onetime (1.0.5)
      bcrypt (~> 3.1)
      omniauth (~> 1.9)

GEM
  remote: https://rubygems.org/
  specs:
    bcrypt (3.1.13)
    hashie (3.6.0)
    minitest (5.11.3)
    omniauth (1.9.0)
      hashie (>= 3.4.6, < 3.7.0)
      rack (>= 1.6.2, < 3)
    rack (2.0.7)
    rake (12.3.2)

PLATFORMS
  ruby

DEPENDENCIES
  bundler (~> 1.12)
  minitest (~> 5.0)
  omniauth-onetime!
  rake (>= 10.0)

BUNDLED WITH
   1.17.3
