PATH
  remote: .
  specs:
    omniauth-onetime (1.0.6)
      bcrypt (~> 3.1)
      omniauth (~> 1.9)

GEM
  remote: https://rubygems.org/
  specs:
    bcrypt (3.1.16)
    hashie (4.1.0)
    minitest (5.14.2)
    omniauth (1.9.1)
      hashie (>= 3.4.6)
      rack (>= 1.6.2, < 3)
    rack (2.2.3)

PLATFORMS
  ruby

DEPENDENCIES
  bundler (~> 1.12)
  minitest (~> 5.0)
  omniauth-onetime!

BUNDLED WITH
   1.17.3
